NUGET
  remote: https://www.nuget.org/api/v2
  specs:
    FSharp.Core (4.0.0.1) - redirects: force

GROUP Build
NUGET
  remote: https://www.nuget.org/api/v2
  specs:
    Akka (1.1.2)
      Newtonsoft.Json (>= 9.0.1)
      System.Collections.Immutable (>= 1.1.36)
    Akka.Cluster (1.1.2)
      Akka.Remote (>= 1.1.2)
      Google.ProtocolBuffers (>= 2.4.1.555)
      System.Collections.Immutable (>= 1.1.36)
    Akka.FSharp (1.1.2)
      Akka (>= 1.1.2)
      FsPickler (>= 1.2.21)
      FSPowerPack.Core.Community (>= 3.0.0)
      FSPowerPack.Linq.Community (>= 3.0.0)
    Akka.Remote (1.1.2)
      Akka (>= 1.1.2)
      Google.ProtocolBuffers (>= 2.4.1.555)
      Helios (>= 2.1.2)
      System.Collections.Immutable (>= 1.1.36)
    FAKE (4.50.0)
    FSharp.Compiler.Service (2.0.0.6)
    FSharp.Data (2.3.2)
      Zlib.Portable (>= 1.11.0) - framework: portable-net45+sl5+win8, portable-net45+win8, portable-net45+win8+wp8+wpa81
    FSharp.Formatting (2.14.4)
      FSharp.Compiler.Service (2.0.0.6)
      FSharpVSPowerTools.Core (>= 2.3.0 < 2.4.0)
    FSharpVSPowerTools.Core (2.3.0)
      FSharp.Compiler.Service (>= 2.0.0.3)
    FsPickler (3.2.0)
    FSPowerPack.Core.Community (3.0.0)
    FSPowerPack.Linq.Community (3.0.0)
      FSPowerPack.Core.Community
    Google.ProtocolBuffers (2.4.1.555)
    Helios (2.1.3)
    Microsoft.Bcl (1.1.10)
      Microsoft.Bcl.Build (>= 1.0.14)
    Microsoft.Bcl.Build (1.0.21) - import_targets: false
    Microsoft.CSharp (4.3.0)
      System.Collections (>= 4.3.0)
      System.Diagnostics.Debug (>= 4.3.0)
      System.Dynamic.Runtime (>= 4.3.0)
      System.Globalization (>= 4.3.0)
      System.Linq (>= 4.3.0)
      System.Linq.Expressions (>= 4.3.0)
      System.ObjectModel (>= 4.3.0)
      System.Reflection (>= 4.3.0)
      System.Reflection.Extensions (>= 4.3.0)
      System.Reflection.Primitives (>= 4.3.0)
      System.Reflection.TypeExtensions (>= 4.3.0)
      System.Resources.ResourceManager (>= 4.3.0)
      System.Runtime (>= 4.3.0)
      System.Runtime.Extensions (>= 4.3.0)
      System.Runtime.InteropServices (>= 4.3.0)
      System.Threading (>= 4.3.0)
    Microsoft.Net.Http (2.2.29)
      Microsoft.Bcl (>= 1.1.10)
      Microsoft.Bcl.Build (>= 1.0.14)
    Microsoft.NETCore.Platforms (1.1.0)
    Microsoft.NETCore.Targets (1.1.0)
    Newtonsoft.Json (9.0.1)
      Microsoft.CSharp (>= 4.0.1)
      System.Collections (>= 4.0.11)
      System.Diagnostics.Debug (>= 4.0.11)
      System.Dynamic.Runtime (>= 4.0.11)
      System.Globalization (>= 4.0.11)
      System.IO (>= 4.1.0)
      System.Linq (>= 4.1.0)
      System.Linq.Expressions (>= 4.1.0)
      System.ObjectModel (>= 4.0.12)
      System.Reflection (>= 4.1.0)
      System.Reflection.Extensions (>= 4.0.1)
      System.Resources.ResourceManager (>= 4.0.1)
      System.Runtime (>= 4.1.0)
      System.Runtime.Extensions (>= 4.1.0)
      System.Runtime.Serialization.Primitives (>= 4.1.1)
      System.Text.Encoding (>= 4.0.11)
      System.Text.Encoding.Extensions (>= 4.0.11)
      System.Text.RegularExpressions (>= 4.1.0)
      System.Threading (>= 4.0.11)
      System.Threading.Tasks (>= 4.0.11)
      System.Xml.ReaderWriter (>= 4.0.11)
      System.Xml.XDocument (>= 4.0.11)
    Octokit (0.24.0)
      Microsoft.Net.Http
    SourceLink.Fake (1.1.0)
    System.Collections (4.3.0)
      Microsoft.NETCore.Platforms (>= 1.1.0)
      Microsoft.NETCore.Targets (>= 1.1.0)
      System.Runtime (>= 4.3.0)
    System.Collections.Immutable (1.3.1)
      System.Collections (>= 4.3.0)
      System.Diagnostics.Debug (>= 4.3.0)
      System.Globalization (>= 4.3.0)
      System.Linq (>= 4.3.0)
      System.Resources.ResourceManager (>= 4.3.0)
      System.Runtime (>= 4.3.0)
      System.Runtime.Extensions (>= 4.3.0)
      System.Threading (>= 4.3.0)
    System.Diagnostics.Contracts (4.3.0) - framework: dnxcore50
      System.Runtime (>= 4.3.0)
    System.Diagnostics.Debug (4.3.0)
      Microsoft.NETCore.Platforms (>= 1.1.0)
      Microsoft.NETCore.Targets (>= 1.1.0)
      System.Runtime (>= 4.3.0)
    System.Diagnostics.Tools (4.3.0)
      Microsoft.NETCore.Platforms (>= 1.1.0)
      Microsoft.NETCore.Targets (>= 1.1.0)
      System.Runtime (>= 4.3.0)
    System.Dynamic.Runtime (4.3.0)
      System.Collections (>= 4.3.0)
      System.Diagnostics.Debug (>= 4.3.0)
      System.Globalization (>= 4.3.0) - framework: dnxcore50
      System.Linq (>= 4.3.0)
      System.Linq.Expressions (>= 4.3.0)
      System.ObjectModel (>= 4.3.0)
      System.Reflection (>= 4.3.0)
      System.Reflection.Emit (>= 4.3.0)
      System.Reflection.Emit.ILGeneration (>= 4.3.0)
      System.Reflection.Primitives (>= 4.3.0)
      System.Reflection.TypeExtensions (>= 4.3.0)
      System.Resources.ResourceManager (>= 4.3.0)
      System.Runtime (>= 4.3.0)
      System.Runtime.Extensions (>= 4.3.0)
      System.Threading (>= 4.3.0)
    System.Globalization (4.3.0)
      Microsoft.NETCore.Platforms (>= 1.1.0)
      Microsoft.NETCore.Targets (>= 1.1.0)
      System.Runtime (>= 4.3.0)
    System.IO (4.3.0)
      Microsoft.NETCore.Platforms (>= 1.1.0)
      Microsoft.NETCore.Targets (>= 1.1.0)
      System.Runtime (>= 4.3.0)
      System.Text.Encoding (>= 4.3.0)
      System.Threading.Tasks (>= 4.3.0)
    System.IO.FileSystem (4.3.0)
      Microsoft.NETCore.Platforms (>= 1.1.0)
      Microsoft.NETCore.Targets (>= 1.1.0)
      System.IO (>= 4.3.0)
      System.IO.FileSystem.Primitives (>= 4.3.0)
      System.Runtime (>= 4.3.0)
      System.Runtime.Handles (>= 4.3.0)
      System.Text.Encoding (>= 4.3.0)
      System.Threading.Tasks (>= 4.3.0)
    System.IO.FileSystem.Primitives (4.3.0)
      System.Runtime (>= 4.3.0)
    System.Linq (4.3.0)
      System.Collections (>= 4.3.0)
      System.Diagnostics.Debug (>= 4.3.0)
      System.Resources.ResourceManager (>= 4.3.0)
      System.Runtime (>= 4.3.0)
      System.Runtime.Extensions (>= 4.3.0)
    System.Linq.Expressions (4.3.0)
      System.Collections (>= 4.3.0)
      System.Diagnostics.Debug (>= 4.3.0)
      System.Globalization (>= 4.3.0)
      System.IO (>= 4.3.0)
      System.Linq (>= 4.3.0)
      System.ObjectModel (>= 4.3.0)
      System.Reflection (>= 4.3.0)
      System.Reflection.Emit (>= 4.3.0)
      System.Reflection.Emit.ILGeneration (>= 4.3.0)
      System.Reflection.Emit.Lightweight (>= 4.3.0)
      System.Reflection.Extensions (>= 4.3.0)
      System.Reflection.Primitives (>= 4.3.0)
      System.Reflection.TypeExtensions (>= 4.3.0)
      System.Resources.ResourceManager (>= 4.3.0)
      System.Runtime (>= 4.3.0)
      System.Runtime.Extensions (>= 4.3.0)
      System.Threading (>= 4.3.0)
    System.ObjectModel (4.3.0)
      System.Collections (>= 4.3.0)
      System.Diagnostics.Debug (>= 4.3.0)
      System.Resources.ResourceManager (>= 4.3.0)
      System.Runtime (>= 4.3.0)
      System.Threading (>= 4.3.0)
    System.Reflection (4.3.0)
      Microsoft.NETCore.Platforms (>= 1.1.0)
      Microsoft.NETCore.Targets (>= 1.1.0)
      System.IO (>= 4.3.0)
      System.Reflection.Primitives (>= 4.3.0)
      System.Runtime (>= 4.3.0)
    System.Reflection.Emit (4.3.0)
      System.IO (>= 4.3.0)
      System.Reflection (>= 4.3.0)
      System.Reflection.Emit.ILGeneration (>= 4.3.0)
      System.Reflection.Primitives (>= 4.3.0)
      System.Runtime (>= 4.3.0)
    System.Reflection.Emit.ILGeneration (4.3.0)
      System.Reflection (>= 4.3.0)
      System.Reflection.Primitives (>= 4.3.0)
      System.Runtime (>= 4.3.0)
    System.Reflection.Emit.Lightweight (4.3.0)
      System.Reflection (>= 4.3.0)
      System.Reflection.Emit.ILGeneration (>= 4.3.0)
      System.Reflection.Primitives (>= 4.3.0)
      System.Runtime (>= 4.3.0)
    System.Reflection.Extensions (4.3.0)
      Microsoft.NETCore.Platforms (>= 1.1.0)
      Microsoft.NETCore.Targets (>= 1.1.0)
      System.Reflection (>= 4.3.0)
      System.Runtime (>= 4.3.0)
    System.Reflection.Primitives (4.3.0)
      Microsoft.NETCore.Platforms (>= 1.1.0)
      Microsoft.NETCore.Targets (>= 1.1.0)
      System.Runtime (>= 4.3.0)
    System.Reflection.TypeExtensions (4.3.0)
      System.Diagnostics.Contracts (>= 4.3.0) - framework: dnxcore50
      System.Diagnostics.Debug (>= 4.3.0) - framework: dnxcore50
      System.Linq (>= 4.3.0) - framework: dnxcore50
      System.Reflection (>= 4.3.0)
      System.Reflection.Primitives (>= 4.3.0) - framework: dnxcore50
      System.Resources.ResourceManager (>= 4.3.0) - framework: dnxcore50
      System.Runtime (>= 4.3.0)
      System.Runtime.Extensions (>= 4.3.0) - framework: dnxcore50
    System.Resources.ResourceManager (4.3.0)
      Microsoft.NETCore.Platforms (>= 1.1.0)
      Microsoft.NETCore.Targets (>= 1.1.0)
      System.Globalization (>= 4.3.0)
      System.Reflection (>= 4.3.0)
      System.Runtime (>= 4.3.0)
    System.Runtime (4.3.0)
      Microsoft.NETCore.Platforms (>= 1.1.0)
      Microsoft.NETCore.Targets (>= 1.1.0)
    System.Runtime.Extensions (4.3.0)
      Microsoft.NETCore.Platforms (>= 1.1.0)
      Microsoft.NETCore.Targets (>= 1.1.0)
      System.Runtime (>= 4.3.0)
    System.Runtime.Handles (4.3.0)
      Microsoft.NETCore.Platforms (>= 1.1.0)
      Microsoft.NETCore.Targets (>= 1.1.0)
      System.Runtime (>= 4.3.0)
    System.Runtime.InteropServices (4.3.0)
      Microsoft.NETCore.Platforms (>= 1.1.0)
      Microsoft.NETCore.Targets (>= 1.1.0)
      System.Reflection (>= 4.3.0)
      System.Reflection.Primitives (>= 4.3.0)
      System.Runtime (>= 4.3.0)
      System.Runtime.Handles (>= 4.3.0)
    System.Runtime.Serialization.Primitives (4.3.0)
      System.Resources.ResourceManager (>= 4.3.0)
      System.Runtime (>= 4.3.0)
    System.Text.Encoding (4.3.0)
      Microsoft.NETCore.Platforms (>= 1.1.0)
      Microsoft.NETCore.Targets (>= 1.1.0)
      System.Runtime (>= 4.3.0)
    System.Text.Encoding.Extensions (4.3.0)
      Microsoft.NETCore.Platforms (>= 1.1.0)
      Microsoft.NETCore.Targets (>= 1.1.0)
      System.Runtime (>= 4.3.0)
      System.Text.Encoding (>= 4.3.0)
    System.Text.RegularExpressions (4.3.0)
      System.Collections (>= 4.3.0)
      System.Globalization (>= 4.3.0)
      System.Resources.ResourceManager (>= 4.3.0)
      System.Runtime (>= 4.3.0)
      System.Runtime.Extensions (>= 4.3.0)
      System.Threading (>= 4.3.0)
    System.Threading (4.3.0)
      System.Runtime (>= 4.3.0)
      System.Threading.Tasks (>= 4.3.0)
    System.Threading.Tasks (4.3.0)
      Microsoft.NETCore.Platforms (>= 1.1.0)
      Microsoft.NETCore.Targets (>= 1.1.0)
      System.Runtime (>= 4.3.0)
    System.Threading.Tasks.Extensions (4.3.0)
      System.Collections (>= 4.3.0)
      System.Runtime (>= 4.3.0)
      System.Threading.Tasks (>= 4.3.0)
    System.Xml.ReaderWriter (4.3.0)
      System.Collections (>= 4.3.0)
      System.Diagnostics.Debug (>= 4.3.0)
      System.Globalization (>= 4.3.0)
      System.IO (>= 4.3.0)
      System.IO.FileSystem (>= 4.3.0)
      System.IO.FileSystem.Primitives (>= 4.3.0)
      System.Resources.ResourceManager (>= 4.3.0)
      System.Runtime (>= 4.3.0)
      System.Runtime.Extensions (>= 4.3.0)
      System.Runtime.InteropServices (>= 4.3.0)
      System.Text.Encoding (>= 4.3.0)
      System.Text.Encoding.Extensions (>= 4.3.0)
      System.Text.RegularExpressions (>= 4.3.0)
      System.Threading.Tasks (>= 4.3.0)
      System.Threading.Tasks.Extensions (>= 4.3.0)
    System.Xml.XDocument (4.3.0)
      System.Collections (>= 4.3.0)
      System.Diagnostics.Debug (>= 4.3.0)
      System.Diagnostics.Tools (>= 4.3.0)
      System.Globalization (>= 4.3.0)
      System.IO (>= 4.3.0)
      System.Reflection (>= 4.3.0)
      System.Resources.ResourceManager (>= 4.3.0)
      System.Runtime (>= 4.3.0)
      System.Runtime.Extensions (>= 4.3.0)
      System.Text.Encoding (>= 4.3.0)
      System.Threading (>= 4.3.0)
      System.Xml.ReaderWriter (>= 4.3.0)
    Zlib.Portable (1.11.0) - framework: portable-net45+sl5+win8, portable-net45+win8, portable-net45+win8+wp8+wpa81
GITHUB
  remote: fsharp/FAKE
  specs:
    modules/Octokit/Octokit.fsx (805ca9420e0234fe2ac8fe2033f28faeec2ebb40)
      Octokit (>= 0.20)
GROUP Test
NUGET
  remote: https://www.nuget.org/api/v2
  specs:
    NUnit (2.6.4)
    NUnit.Runners (2.6.4)
